GIT
  remote: git://github.com/rails/rails.git
  revision: 3d428777b05701ca7211a1be723cb1ee0e094bd9
  specs:
    actioncable (6.1.0.alpha)
      actionpack (= 6.1.0.alpha)
      activesupport (= 6.1.0.alpha)
      nio4r (~> 2.0)
      websocket-driver (>= 0.6.1)
    actionmailbox (6.1.0.alpha)
      actionpack (= 6.1.0.alpha)
      activejob (= 6.1.0.alpha)
      activerecord (= 6.1.0.alpha)
      activestorage (= 6.1.0.alpha)
      activesupport (= 6.1.0.alpha)
      mail (>= 2.7.1)
    actionmailer (6.1.0.alpha)
      actionpack (= 6.1.0.alpha)
      actionview (= 6.1.0.alpha)
      activejob (= 6.1.0.alpha)
      activesupport (= 6.1.0.alpha)
      mail (~> 2.5, >= 2.5.4)
      rails-dom-testing (~> 2.0)
    actionpack (6.1.0.alpha)
      actionview (= 6.1.0.alpha)
      activesupport (= 6.1.0.alpha)
      rack (~> 2.0, >= 2.0.9)
      rack-test (>= 0.6.3)
      rails-dom-testing (~> 2.0)
      rails-html-sanitizer (~> 1.0, >= 1.2.0)
    actiontext (6.1.0.alpha)
      actionpack (= 6.1.0.alpha)
      activerecord (= 6.1.0.alpha)
      activestorage (= 6.1.0.alpha)
      activesupport (= 6.1.0.alpha)
      nokogiri (>= 1.8.5)
    actionview (6.1.0.alpha)
      activesupport (= 6.1.0.alpha)
      builder (~> 3.1)
      erubi (~> 1.4)
      rails-dom-testing (~> 2.0)
      rails-html-sanitizer (~> 1.1, >= 1.2.0)
    activejob (6.1.0.alpha)
      activesupport (= 6.1.0.alpha)
      globalid (>= 0.3.6)
    activemodel (6.1.0.alpha)
      activesupport (= 6.1.0.alpha)
    activerecord (6.1.0.alpha)
      activemodel (= 6.1.0.alpha)
      activesupport (= 6.1.0.alpha)
    activestorage (6.1.0.alpha)
      actionpack (= 6.1.0.alpha)
      activejob (= 6.1.0.alpha)
      activerecord (= 6.1.0.alpha)
      activesupport (= 6.1.0.alpha)
      marcel (~> 0.3.1)
    activesupport (6.1.0.alpha)
      concurrent-ruby (~> 1.0, >= 1.0.2)
      i18n (>= 1.6, < 2)
      minitest (>= 5.1)
      tzinfo (~> 2.0)
      zeitwerk (~> 2.3)
    rails (6.1.0.alpha)
      actioncable (= 6.1.0.alpha)
      actionmailbox (= 6.1.0.alpha)
      actionmailer (= 6.1.0.alpha)
      actionpack (= 6.1.0.alpha)
      actiontext (= 6.1.0.alpha)
      actionview (= 6.1.0.alpha)
      activejob (= 6.1.0.alpha)
      activemodel (= 6.1.0.alpha)
      activerecord (= 6.1.0.alpha)
      activestorage (= 6.1.0.alpha)
      activesupport (= 6.1.0.alpha)
      bundler (>= 1.15.0)
      railties (= 6.1.0.alpha)
      sprockets-rails (>= 2.0.0)
    railties (6.1.0.alpha)
      actionpack (= 6.1.0.alpha)
      activesupport (= 6.1.0.alpha)
      method_source
      rake (>= 0.8.7)
      thor (~> 1.0)

PATH
  remote: .
  specs:
    view_component (2.19.0)
      activesupport (>= 5.0.0, < 7.0)

GEM
  remote: https://rubygems.org/
  specs:
    addressable (2.7.0)
      public_suffix (>= 2.0.2, < 5.0)
    ansi (1.5.0)
    ast (2.4.1)
    benchmark-ips (2.8.2)
    better_html (1.0.15)
      actionview (>= 4.0)
      activesupport (>= 4.0)
      ast (~> 2.0)
      erubi (~> 1.4)
      html_tokenizer (~> 0.0.6)
      parser (>= 2.4)
      smart_properties
    builder (3.2.4)
    capybara (3.33.0)
      addressable
      mini_mime (>= 0.1.3)
      nokogiri (~> 1.8)
      rack (>= 1.6.0)
      rack-test (>= 0.6.3)
      regexp_parser (~> 1.5)
      xpath (~> 3.2)
    concurrent-ruby (1.1.7)
    crass (1.0.6)
    docile (1.3.2)
    erubi (1.9.0)
    globalid (0.4.2)
      activesupport (>= 4.2.0)
    haml (5.1.2)
      temple (>= 0.8.0)
      tilt
    html_tokenizer (0.0.7)
    i18n (1.8.5)
      concurrent-ruby (~> 1.0)
    jaro_winkler (1.5.4)
    loofah (2.7.0)
      crass (~> 1.0.2)
      nokogiri (>= 1.5.9)
    mail (2.7.1)
      mini_mime (>= 0.1.1)
    marcel (0.3.3)
      mimemagic (~> 0.3.2)
    method_source (1.0.0)
    mimemagic (0.3.5)
    mini_mime (1.0.2)
    mini_portile2 (2.4.0)
    minitest (5.6.0)
    nio4r (2.5.2)
    nokogiri (1.10.10)
      mini_portile2 (~> 2.4.0)
    parallel (1.19.2)
    parser (2.7.1.4)
      ast (~> 2.4.1)
    public_suffix (4.0.5)
    rack (2.2.3)
    rack-test (1.1.0)
      rack (>= 1.0, < 3)
    rails-dom-testing (2.0.3)
      activesupport (>= 4.2.0)
      nokogiri (>= 1.6)
    rails-html-sanitizer (1.3.0)
      loofah (~> 2.3)
    rainbow (3.0.0)
    rake (13.0.1)
    regexp_parser (1.7.1)
    rubocop (0.74.0)
      jaro_winkler (~> 1.5.1)
      parallel (~> 1.10)
      parser (>= 2.6)
      rainbow (>= 2.2.2, < 4.0)
      ruby-progressbar (~> 1.7)
      unicode-display_width (>= 1.4.0, < 1.7)
    rubocop-github (0.13.0)
      rubocop (~> 0.70)
      rubocop-performance (~> 1.3.0)
    rubocop-performance (1.3.0)
      rubocop (>= 0.68.0)
    ruby-progressbar (1.10.1)
    simplecov (0.18.5)
      docile (~> 1.1)
      simplecov-html (~> 0.11)
    simplecov-console (0.7.2)
      ansi
      simplecov
      terminal-table
    simplecov-html (0.12.2)
    slim (4.1.0)
      temple (>= 0.7.6, < 0.9)
      tilt (>= 2.0.6, < 2.1)
    smart_properties (1.15.0)
    sprockets (4.0.2)
      concurrent-ruby (~> 1.0)
      rack (> 1, < 3)
    sprockets-rails (3.2.1)
      actionpack (>= 4.0)
      activesupport (>= 4.0)
      sprockets (>= 3.0.0)
    sqlite3 (1.4.2)
    temple (0.8.2)
    terminal-table (1.8.0)
      unicode-display_width (~> 1.1, >= 1.1.1)
    thor (1.0.1)
    tilt (2.0.10)
    tzinfo (2.0.2)
      concurrent-ruby (~> 1.0)
    unicode-display_width (1.6.1)
    websocket-driver (0.7.3)
      websocket-extensions (>= 0.1.0)
    websocket-extensions (0.1.5)
    xpath (3.2.0)
      nokogiri (~> 1.8)
    zeitwerk (2.4.0)

PLATFORMS
  ruby

DEPENDENCIES
  benchmark-ips (~> 2.8.2)
  better_html (~> 1)
  bundler (~> 1.14)
  capybara (~> 3)
  haml (~> 5)
  minitest (= 5.6.0)
  rails!
  rake (~> 13.0)
  rubocop (= 0.74)
  rubocop-github (~> 0.13.0)
  simplecov (~> 0.18.0)
  simplecov-console (~> 0.7.2)
  slim (~> 4.0)
  sqlite3 (~> 1.4)
  view_component!

BUNDLED WITH
   1.17.3
