PATH
  remote: .
  specs:
    view_component (3.20.0)
      activesupport (>= 5.2.0, < 8.1)
      concurrent-ruby (~> 1.0)
      method_source (~> 1.0)

GEM
  remote: https://rubygems.org/
  specs:
    actioncable (7.0.8.6)
      actionpack (= 7.0.8.6)
      activesupport (= 7.0.8.6)
      nio4r (~> 2.0)
      websocket-driver (>= 0.6.1)
    actionmailbox (7.0.8.6)
      actionpack (= 7.0.8.6)
      activejob (= 7.0.8.6)
      activerecord (= 7.0.8.6)
      activestorage (= 7.0.8.6)
      activesupport (= 7.0.8.6)
      mail (>= 2.7.1)
      net-imap
      net-pop
      net-smtp
    actionmailer (7.0.8.6)
      actionpack (= 7.0.8.6)
      actionview (= 7.0.8.6)
      activejob (= 7.0.8.6)
      activesupport (= 7.0.8.6)
      mail (~> 2.5, >= 2.5.4)
      net-imap
      net-pop
      net-smtp
      rails-dom-testing (~> 2.0)
    actionpack (7.0.8.6)
      actionview (= 7.0.8.6)
      activesupport (= 7.0.8.6)
      rack (~> 2.0, >= 2.2.4)
      rack-test (>= 0.6.3)
      rails-dom-testing (~> 2.0)
      rails-html-sanitizer (~> 1.0, >= 1.2.0)
    actiontext (7.0.8.6)
      actionpack (= 7.0.8.6)
      activerecord (= 7.0.8.6)
      activestorage (= 7.0.8.6)
      activesupport (= 7.0.8.6)
      globalid (>= 0.6.0)
      nokogiri (>= 1.8.5)
    actionview (7.0.8.6)
      activesupport (= 7.0.8.6)
      builder (~> 3.1)
      erubi (~> 1.4)
      rails-dom-testing (~> 2.0)
      rails-html-sanitizer (~> 1.1, >= 1.2.0)
    activejob (7.0.8.6)
      activesupport (= 7.0.8.6)
      globalid (>= 0.3.6)
    activemodel (7.0.8.6)
      activesupport (= 7.0.8.6)
    activerecord (7.0.8.6)
      activemodel (= 7.0.8.6)
      activesupport (= 7.0.8.6)
    activestorage (7.0.8.6)
      actionpack (= 7.0.8.6)
      activejob (= 7.0.8.6)
      activerecord (= 7.0.8.6)
      activesupport (= 7.0.8.6)
      marcel (~> 1.0)
      mini_mime (>= 1.1.0)
    activesupport (7.0.8.6)
      concurrent-ruby (~> 1.0, >= 1.0.2)
      i18n (>= 1.6, < 2)
      minitest (>= 5.1)
      tzinfo (~> 2.0)
    addressable (2.8.7)
      public_suffix (>= 2.0.2, < 7.0)
    allocation_stats (0.1.5)
    ansi (1.5.0)
    appraisal (2.5.0)
      bundler
      rake
      thor (>= 0.14.0)
    ast (2.4.2)
    base64 (0.2.0)
    benchmark-ips (2.13.0)
    better_html (2.1.1)
      actionview (>= 6.0)
      activesupport (>= 6.0)
      ast (~> 2.0)
      erubi (~> 1.4)
      parser (>= 2.4)
      smart_properties
    bigdecimal (3.1.8)
    builder (3.3.0)
    capybara (3.40.0)
      addressable
      matrix
      mini_mime (>= 0.1.3)
      nokogiri (~> 1.11)
      rack (>= 1.6.0)
      rack-test (>= 0.6.3)
      regexp_parser (>= 1.5, < 3.0)
      xpath (~> 3.2)
    coderay (1.1.3)
    concurrent-ruby (1.3.4)
    crass (1.0.6)
    cuprite (0.15.1)
      capybara (~> 3.0)
      ferrum (~> 0.15.0)
    date (3.3.4)
    debug (1.9.2)
      irb (~> 1.10)
      reline (>= 0.3.8)
    diff-lcs (1.5.1)
    docile (1.4.1)
    drb (2.2.1)
    erb_lint (0.7.0)
      activesupport
      better_html (>= 2.0.1)
      parser (>= 2.7.1.4)
      rainbow
      rubocop (>= 1)
      smart_properties
    erubi (1.13.0)
    ferrum (0.15)
      addressable (~> 2.5)
      concurrent-ruby (~> 1.1)
      webrick (~> 1.7)
      websocket-driver (~> 0.7)
    globalid (1.2.1)
      activesupport (>= 6.1)
    haml (6.3.0)
      temple (>= 0.8.2)
      thor
      tilt
    i18n (1.14.6)
      concurrent-ruby (~> 1.0)
    io-console (0.7.2)
    irb (1.14.1)
      rdoc (>= 4.0.0)
      reline (>= 0.4.2)
    jbuilder (2.13.0)
      actionview (>= 5.0.0)
      activesupport (>= 5.0.0)
    json (2.7.4)
    language_server-protocol (3.17.0.3)
    lint_roller (1.1.0)
    loofah (2.23.1)
      crass (~> 1.0.2)
      nokogiri (>= 1.12.0)
    m (1.6.2)
      method_source (>= 0.6.7)
      rake (>= 0.9.2.2)
    mail (2.8.1)
      mini_mime (>= 0.1.1)
      net-imap
      net-pop
      net-smtp
    marcel (1.0.4)
    matrix (0.4.2)
    method_source (1.1.0)
    mini_mime (1.1.5)
    mini_portile2 (2.8.7)
    minitest (5.25.1)
    mutex_m (0.2.0)
    net-imap (0.5.0)
      date
      net-protocol
    net-pop (0.1.2)
      net-protocol
    net-protocol (0.2.2)
      timeout
    net-smtp (0.5.0)
      net-protocol
    nio4r (2.7.4)
    nokogiri (1.16.7)
      mini_portile2 (~> 2.8.2)
      racc (~> 1.4)
    parallel (1.26.3)
    parser (3.3.5.0)
      ast (~> 2.4.1)
      racc
    pry (0.14.2)
      coderay (~> 1.1)
      method_source (~> 1.0)
    psych (5.1.2)
      stringio
    public_suffix (6.0.1)
    puma (6.4.3)
      nio4r (~> 2.0)
    racc (1.8.1)
    rack (2.2.10)
    rack-test (2.1.0)
      rack (>= 1.3)
    rails (7.0.8.6)
      actioncable (= 7.0.8.6)
      actionmailbox (= 7.0.8.6)
      actionmailer (= 7.0.8.6)
      actionpack (= 7.0.8.6)
      actiontext (= 7.0.8.6)
      actionview (= 7.0.8.6)
      activejob (= 7.0.8.6)
      activemodel (= 7.0.8.6)
      activerecord (= 7.0.8.6)
      activestorage (= 7.0.8.6)
      activesupport (= 7.0.8.6)
      bundler (>= 1.15.0)
      railties (= 7.0.8.6)
    rails-dom-testing (2.2.0)
      activesupport (>= 5.0.0)
      minitest
      nokogiri (>= 1.6)
    rails-html-sanitizer (1.6.0)
      loofah (~> 2.21)
      nokogiri (~> 1.14)
    railties (7.0.8.6)
      actionpack (= 7.0.8.6)
      activesupport (= 7.0.8.6)
      method_source
      rake (>= 12.2)
      thor (~> 1.0)
      zeitwerk (~> 2.5)
    rainbow (3.1.1)
    rake (13.2.1)
    rdoc (6.7.0)
      psych (>= 4.0.0)
    regexp_parser (2.9.2)
    reline (0.5.10)
      io-console (~> 0.5)
    rexml (3.3.9)
    rspec-core (3.13.2)
      rspec-support (~> 3.13.0)
    rspec-expectations (3.13.3)
      diff-lcs (>= 1.2.0, < 2.0)
      rspec-support (~> 3.13.0)
    rspec-mocks (3.13.2)
      diff-lcs (>= 1.2.0, < 2.0)
      rspec-support (~> 3.13.0)
    rspec-rails (5.1.2)
      actionpack (>= 5.2)
      activesupport (>= 5.2)
      railties (>= 5.2)
      rspec-core (~> 3.10)
      rspec-expectations (~> 3.10)
      rspec-mocks (~> 3.10)
      rspec-support (~> 3.10)
    rspec-support (3.13.1)
    rubocop (1.66.1)
      json (~> 2.3)
      language_server-protocol (>= 3.17.0)
      parallel (~> 1.10)
      parser (>= 3.3.0.2)
      rainbow (>= 2.2.2, < 4.0)
      regexp_parser (>= 2.4, < 3.0)
      rubocop-ast (>= 1.32.2, < 2.0)
      ruby-progressbar (~> 1.7)
      unicode-display_width (>= 2.4.0, < 3.0)
    rubocop-ast (1.32.3)
      parser (>= 3.3.1.0)
    rubocop-md (1.2.4)
      rubocop (>= 1.45)
    rubocop-performance (1.22.1)
      rubocop (>= 1.48.1, < 2.0)
      rubocop-ast (>= 1.31.1, < 2.0)
    ruby-progressbar (1.13.0)
    rubyzip (2.3.2)
    selenium-webdriver (4.9.0)
      rexml (~> 3.2, >= 3.2.5)
      rubyzip (>= 1.2.2, < 3.0)
      websocket (~> 1.0)
    simplecov (0.22.0)
      docile (~> 1.1)
      simplecov-html (~> 0.11)
      simplecov_json_formatter (~> 0.1)
    simplecov-console (0.9.2)
      ansi
      simplecov
      terminal-table
    simplecov-html (0.13.1)
    simplecov_json_formatter (0.1.4)
    slim (5.2.1)
      temple (~> 0.10.0)
      tilt (>= 2.1.0)
    smart_properties (1.17.0)
    sprockets (4.2.1)
      concurrent-ruby (~> 1.0)
      rack (>= 2.2.4, < 4)
    sprockets-rails (3.4.2)
      actionpack (>= 5.2)
      activesupport (>= 5.2)
      sprockets (>= 3.0.0)
    standard (1.41.1)
      language_server-protocol (~> 3.17.0.2)
      lint_roller (~> 1.0)
      rubocop (~> 1.66.0)
      standard-custom (~> 1.0.0)
      standard-performance (~> 1.5)
    standard-custom (1.0.2)
      lint_roller (~> 1.0)
      rubocop (~> 1.50)
    standard-performance (1.5.0)
      lint_roller (~> 1.1)
      rubocop-performance (~> 1.22.0)
    stringio (3.1.1)
    temple (0.10.3)
    terminal-table (3.0.2)
      unicode-display_width (>= 1.1.1, < 3)
    thor (1.3.2)
    tilt (2.4.0)
    timeout (0.4.1)
    turbo-rails (1.5.0)
      actionpack (>= 6.0.0)
      activejob (>= 6.0.0)
      railties (>= 6.0.0)
    tzinfo (2.0.6)
      concurrent-ruby (~> 1.0)
    unicode-display_width (2.6.0)
    warning (1.4.0)
    webrick (1.8.2)
    websocket (1.2.11)
    websocket-driver (0.7.6)
      websocket-extensions (>= 0.1.0)
    websocket-extensions (0.1.5)
    xpath (3.2.0)
      nokogiri (~> 1.8)
    yard (0.9.37)
    yard-activesupport-concern (0.0.1)
      yard (>= 0.8)
    zeitwerk (2.7.1)

PLATFORMS
  ruby

DEPENDENCIES
  allocation_stats (~> 0.1.5)
  appraisal (~> 2.4)
  base64
  benchmark-ips (~> 2.13.0)
  better_html
  bigdecimal
  bundler (~> 2)
  capybara (~> 3)
  cuprite (~> 0.15)
  debug
  drb
  erb_lint
  haml (~> 6)
  jbuilder (~> 2)
  m (~> 1)
  minitest (~> 5.18)
  mutex_m
  net-imap
  net-pop
  net-smtp
  pry (~> 0.13)
  puma (~> 6)
  rails (~> 7.0.0)
  rake (~> 13.0)
  rspec-rails (~> 5)
  rubocop-md (~> 1)
  selenium-webdriver (= 4.9.0)
  simplecov (~> 0.22.0)
  simplecov-console (~> 0.9.1)
  slim (~> 5.1)
  sprockets-rails (~> 3.4.2)
  standard (~> 1)
  turbo-rails (~> 1)
  view_component!
  warning
  yard (~> 0.9.34)
  yard-activesupport-concern (~> 0.0.1)

RUBY VERSION
   ruby 3.3.0p0

BUNDLED WITH
   2.5.3
